GEM
  remote: https://rubygems.org/
  specs:
    addressable (2.7.0)
      public_suffix (>= 2.0.2, < 5.0)
    erubis (2.7.0)
    json (2.3.0)
    public_suffix (4.0.4)
    rake (13.0.1)
    tilt (2.0.10)

PLATFORMS
  ruby

DEPENDENCIES
  addressable
  erubis
  json
  rake
  tilt

BUNDLED WITH
   2.1.4
