GEM
  remote: https://rubygems.org/
  specs:
    addressable (2.8.7)
      public_suffix (>= 2.0.2, < 7.0)
    erubi (1.13.0)
    json_pure (2.7.2)
    public_suffix (6.0.0)
    rake (13.2.1)
    tilt (2.4.0)

PLATFORMS
  arm64-darwin-23

DEPENDENCIES
  addressable
  erubi
  json_pure
  rake
  tilt

BUNDLED WITH
   2.3.7
