GEM
  remote: https://rubygems.org/
  specs:
    addressable (2.5.2)
      public_suffix (>= 2.0.2, < 4.0)
    erubis (2.7.0)
    json (2.1.0)
    public_suffix (3.0.1)
    rake (12.3.0)
    tilt (2.0.8)

PLATFORMS
  ruby

DEPENDENCIES
  addressable
  erubis
  json
  rake
  tilt

BUNDLED WITH
   1.16.1
