GEM
  remote: https://rubygems.org/
  specs:
    addressable (2.5.0)
      public_suffix (~> 2.0, >= 2.0.2)
    erubis (2.7.0)
    json (2.0.2)
    public_suffix (2.0.5)
    rake (10.4.2)
    tilt (2.0.5)

PLATFORMS
  ruby

DEPENDENCIES
  addressable
  erubis
  json
  rake
  tilt

BUNDLED WITH
   1.13.7
